GEM
  remote: https://rubygems.org/
  specs:
    allocation_stats (0.1.5)
    markdown-tables (1.1.1)

PLATFORMS
  arm64-darwin-23
  ruby

DEPENDENCIES
  allocation_stats
  markdown-tables

BUNDLED WITH
   2.5.11
